PATH
  remote: .
  specs:
    deployr (0.0.1)
      json
      rack

GEM
  remote: https://rubygems.org/
  specs:
    json (1.8.1)
    puma (2.9.0)
      rack (>= 1.1, < 2.0)
    rack (1.5.2)
    rake (10.3.2)

PLATFORMS
  ruby

DEPENDENCIES
  bundler (>= 1.6)
  deployr!
  puma
  rake (>= 10.0)
